GEM
  remote: https://rubygems.org/
  specs:
    activesupport (7.0.4)
      concurrent-ruby (~> 1.0, >= 1.0.2)
      i18n (>= 1.6, < 2)
      minitest (>= 5.1)
      tzinfo (~> 2.0)
    ast (2.4.2)
    concurrent-ruby (1.1.10)
    diff-lcs (1.5.0)
    i18n (1.12.0)
      concurrent-ruby (~> 1.0)
    image-charts (5.6.1)
    json (2.6.2)
    mini_portile2 (2.8.0)
    minitest (5.16.3)
    minitest-profile (0.0.2)
    netrc (0.11.0)
    nokogiri (1.13.9)
      mini_portile2 (~> 2.8.0)
      racc (~> 1.4)
    parallel (1.22.1)
    parser (3.1.3.0)
      ast (~> 2.4.1)
    racc (1.6.0)
    rainbow (3.1.1)
    rake (13.0.6)
    rbi (0.0.16)
      ast
      parser (>= 2.6.4.0)
      sorbet-runtime (>= 0.5.9204)
      unparser
    regexp_parser (2.6.1)
    rexml (3.2.5)
    rubocop (1.39.0)
      json (~> 2.3)
      parallel (~> 1.10)
      parser (>= 3.1.2.1)
      rainbow (>= 2.2.2, < 4.0)
      regexp_parser (>= 1.8, < 3.0)
      rexml (>= 3.2.5, < 4.0)
      rubocop-ast (>= 1.23.0, < 2.0)
      ruby-progressbar (~> 1.7)
      unicode-display_width (>= 1.4.0, < 3.0)
    rubocop-ast (1.24.0)
      parser (>= 3.1.1.0)
    rubocop-performance (1.9.1)
      rubocop (>= 0.90.0, < 2.0)
      rubocop-ast (>= 0.4.0)
    ruby-progressbar (1.11.0)
    sorbet (0.5.10566)
      sorbet-static (= 0.5.10566)
    sorbet-runtime (0.5.10566)
    sorbet-static (0.5.10566-universal-darwin-14)
    sorbet-static (0.5.10566-universal-darwin-15)
    sorbet-static (0.5.10566-universal-darwin-16)
    sorbet-static (0.5.10566-universal-darwin-17)
    sorbet-static (0.5.10566-universal-darwin-18)
    sorbet-static (0.5.10566-universal-darwin-19)
    sorbet-static (0.5.10566-universal-darwin-20)
    sorbet-static (0.5.10566-universal-darwin-21)
    sorbet-static (0.5.10566-universal-darwin-22)
    sorbet-static (0.5.10566-x86_64-linux)
    sorbet-static-and-runtime (0.5.10566)
      sorbet (= 0.5.10566)
      sorbet-runtime (= 0.5.10566)
    spoom (1.1.13)
      sorbet (>= 0.5.9204)
      sorbet-runtime (>= 0.5.9204)
      thor (>= 0.19.2)
    tapioca (0.10.3)
      bundler (>= 1.17.3)
      netrc (>= 0.11.0)
      parallel (>= 1.21.0)
      rbi (~> 0.0.0, >= 0.0.16)
      sorbet-static-and-runtime (>= 0.5.9892)
      spoom (~> 1.1.0, >= 1.1.11)
      thor (>= 1.2.0)
      yard-sorbet
    thor (1.2.1)
    tzinfo (2.0.5)
      concurrent-ruby (~> 1.0)
    unicode-display_width (2.3.0)
    unparser (0.6.5)
      diff-lcs (~> 1.3)
      parser (>= 3.1.0)
    webrick (1.7.0)
    yard (0.9.28)
      webrick (~> 1.7.0)
    yard-sorbet (0.7.0)
      sorbet-runtime (>= 0.5)
      yard (>= 0.9)

PLATFORMS
  ruby

DEPENDENCIES
  activesupport
  image-charts
  minitest
  minitest-profile
  nokogiri
  rake
  rubocop
  rubocop-performance
  sorbet
  sorbet-runtime
  tapioca

RUBY VERSION
   ruby 3.0.2p107

BUNDLED WITH
   2.2.22
